GEM
  remote: https://rubygems.org/
  specs:
    cf-machete (0.0.2)
      httparty
    coderay (1.1.0)
    diff-lcs (1.1.3)
    httparty (0.13.0)
      json (~> 1.8)
      multi_xml (>= 0.5.2)
    json (1.8.1)
    method_source (0.8.2)
    multi_xml (0.5.5)
    pry (0.9.12.6)
      coderay (~> 1.0)
      method_source (~> 0.8)
      slop (~> 3.4)
    rake (10.2.2)
    rspec (2.2.0)
      rspec-core (~> 2.2)
      rspec-expectations (~> 2.2)
      rspec-mocks (~> 2.2)
    rspec-core (2.13.1)
    rspec-expectations (2.12.1)
      diff-lcs (~> 1.1.3)
    rspec-mocks (2.13.1)
    slop (3.5.0)

PLATFORMS
  ruby

DEPENDENCIES
  cf-machete
  pry
  rake
  rspec
